GEM
  specs:
    json (1.8.1)
    rake (0.9.2.2)

PLATFORMS
  ruby

DEPENDENCIES
  bundler
  json
  rake (~> 0.9.0)
