GEM
  specs:
    coderay (1.1.0)
    json (1.8.1)
    method_source (0.8.2)
    pry (0.10.0)
      coderay (~> 1.1.0)
      method_source (~> 0.8.1)
      slop (~> 3.4)
    rake (0.9.2.2)
    slop (3.5.0)

PLATFORMS
  ruby

DEPENDENCIES
  bundler
  json
  pry
  rake (~> 0.9.0)
